GEM
  remote: http://rubygems.org/
  specs:
    addressable (2.2.7)
    chunky_png (1.2.5)
    coffee-script (2.2.0)
      coffee-script-source
      execjs
    coffee-script-source (1.2.0)
    compass (0.12.1)
      chunky_png (~> 1.2)
      fssm (>= 0.2.7)
      sass (~> 3.1)
    em-websocket (0.3.6)
      addressable (>= 2.1.1)
      eventmachine (>= 0.12.9)
    eventmachine (0.12.10)
    execjs (1.3.0)
      multi_json (~> 1.0)
    ffi (1.0.11)
    fssm (0.2.8.1)
    guard (1.0.1)
      ffi (>= 0.5.0)
      thor (~> 0.14.6)
    guard-coffeescript (0.5.6)
      coffee-script (>= 2.2.0)
      guard (>= 0.8.3)
    guard-compass (0.0.6)
      compass (>= 0.10.5)
      guard (>= 0.2.1)
    guard-haml (0.3.2)
      guard (>= 0.4)
      haml (>= 3.0)
    guard-livereload (0.4.2)
      em-websocket (>= 0.2.0)
      guard (>= 0.10.0)
      multi_json (~> 1.0)
    haml (3.1.4)
    multi_json (1.1.0)
    rb-readline (0.4.2)
    ruby_gntp (0.3.4)
    sass (3.1.15)
    thor (0.14.6)

PLATFORMS
  ruby

DEPENDENCIES
  compass
  guard
  guard-coffeescript
  guard-compass
  guard-haml
  guard-livereload
  rb-readline
  ruby_gntp
